GEM
  remote: https://rubygems.org/
  specs:
    growl (1.0.3)
    nokogiri (1.5.5)
    ruby-opengl2 (0.60.3)
    slop (3.3.2)

PLATFORMS
  ruby

DEPENDENCIES
  growl
  nokogiri
  ruby-opengl2
  slop
